GEM
  remote: http://rubygems.org/
  specs:
    tree (0.2.1)

PLATFORMS
  ruby

DEPENDENCIES
  tree
