PATH
  remote: .
  specs:
    copycat (0.0.1)
      rubytree

GEM
  remote: http://rubygems.org/
  specs:
    diff-lcs (1.1.2)
    rspec (2.5.0)
      rspec-core (~> 2.5.0)
      rspec-expectations (~> 2.5.0)
      rspec-mocks (~> 2.5.0)
    rspec-core (2.5.1)
    rspec-expectations (2.5.0)
      diff-lcs (~> 1.1.2)
    rspec-mocks (2.5.0)
    rubytree (0.8.1)

PLATFORMS
  java
  ruby

DEPENDENCIES
  copycat!
  rspec
