GEM
  remote: http://rubygems.org/
  specs:
    wordnet (0.0.5)

PLATFORMS
  ruby

DEPENDENCIES
  wordnet
